GEM
  remote: https://rubygems.org/
  specs:
    activesupport (3.1.0)
    daemons (1.1.9)
    eventmachine (1.0.3)
    i18n (0.8.0)
    json (1.5.0)
    multi_json (1.8.4)
    rack (1.5.2)
    sinatra (1.1.0)
      rack (~> 1.1)
      tilt (~> 1.1)
    thin (1.5.1)
      daemons (>= 1.0.9)
      eventmachine (>= 0.12.6)
      rack (>= 1.0.0)
    tilt (1.4.1)

PLATFORMS
  ruby

DEPENDENCIES
  activesupport
  i18n
  json
  multi_json (~> 1.8.4)
  sinatra (= 1.1.0)
  thin
